GIT
  remote: git://github.com/caarlos0/nprogress-rails.git
  revision: 82754d5d75c514edb4e706c98e84e43eb9f6e2fd
  specs:
    nprogress-rails (0.1.3.1)

GIT
  remote: git://github.com/ctran/annotate_models.git
  revision: 038b13c04e575cc0f0c89c702c994166c7dc9955
  specs:
    annotate (2.6.5)
      activerecord (>= 2.3.0)
      rake (>= 0.8.7)

GIT
  remote: git://github.com/derekprior/momentjs-rails.git
  revision: 12f6d703d15a68228e8cd938a0a8a48c8f5e7a35
  specs:
    momentjs-rails (2.8.1)
      railties (>= 3.1)

GIT
  remote: git://github.com/rails-api/active_model_serializers.git
  revision: 325dc3a81207db9a9fdbbaa1bea76768db2ae8c3
  specs:
    active_model_serializers (0.10.0.pre)
      activesupport (>= 4.0)
      rails (>= 4.0)

GIT
  remote: git://github.com/rails/rails.git
  revision: 381f9931ec533dd9003f6e7224d7461b93f2fb24
  specs:
    actionmailer (4.2.0.beta1)
      actionpack (= 4.2.0.beta1)
      actionview (= 4.2.0.beta1)
      activejob (= 4.2.0.beta1)
      mail (~> 2.5, >= 2.5.4)
      rails-dom-testing (~> 1.0, >= 1.0.2)
    actionpack (4.2.0.beta1)
      actionview (= 4.2.0.beta1)
      activesupport (= 4.2.0.beta1)
      rack (~> 1.6.0.beta)
      rack-test (~> 0.6.2)
      rails-dom-testing (~> 1.0, >= 1.0.2)
      rails-html-sanitizer (~> 1.0)
    actionview (4.2.0.beta1)
      activesupport (= 4.2.0.beta1)
      builder (~> 3.1)
      erubis (~> 2.7.0)
      rails-dom-testing (~> 1.0, >= 1.0.2)
      rails-html-sanitizer (~> 1.0)
    activejob (4.2.0.beta1)
      activesupport (= 4.2.0.beta1)
      globalid (>= 0.2.3)
    activemodel (4.2.0.beta1)
      activesupport (= 4.2.0.beta1)
      builder (~> 3.1)
    activerecord (4.2.0.beta1)
      activemodel (= 4.2.0.beta1)
      activesupport (= 4.2.0.beta1)
      arel (>= 6.0.0.beta1, < 6.1)
    activesupport (4.2.0.beta1)
      i18n (>= 0.7.0.beta1, < 0.8)
      json (~> 1.7, >= 1.7.7)
      minitest (~> 5.1)
      thread_safe (~> 0.1)
      tzinfo (~> 1.1)
    rails (4.2.0.beta1)
      actionmailer (= 4.2.0.beta1)
      actionpack (= 4.2.0.beta1)
      actionview (= 4.2.0.beta1)
      activejob (= 4.2.0.beta1)
      activemodel (= 4.2.0.beta1)
      activerecord (= 4.2.0.beta1)
      activesupport (= 4.2.0.beta1)
      bundler (>= 1.3.0, < 2.0)
      railties (= 4.2.0.beta1)
      sprockets-rails (~> 3.0.0.beta1)
    railties (4.2.0.beta1)
      actionpack (= 4.2.0.beta1)
      activesupport (= 4.2.0.beta1)
      rake (>= 0.8.7)
      thor (>= 0.18.1, < 2.0)

GIT
  remote: git://github.com/rails/sass-rails.git
  revision: 423178729e7b84addcee78b33891644b1fc1705b
  specs:
    sass-rails (5.0.0.beta1)
      railties (>= 4.0.0, < 5.0)
      sass (~> 3.2)
      sprockets (~> 2.12)
      sprockets-rails (>= 2.0, < 4.0)

GIT
  remote: git://github.com/rails/web-console.git
  revision: 17e4cf195f741aca0e862cfcaef4372daeac8fa1
  specs:
    web-console (2.0.0.beta3)
      activemodel (~> 4.0)
      binding_of_caller (= 0.7.3.pre1)
      railties (~> 4.0)
      sprockets-rails (>= 2.0, < 4.0)

GIT
  remote: git://github.com/railsware/js-routes.git
  revision: 5f31f200f577519c5d946b17d3c6358a7e9fe2c0
  specs:
    js-routes (0.9.9)
      railties (>= 3.2)
      sprockets-rails

GIT
  remote: git://github.com/reactjs/react-rails.git
  revision: be225588479fa6ed2c3a893a0e04104103191ee2
  specs:
    react-rails (1.0.0.pre)
      connection_pool
      execjs
      rails (>= 3.1)
      react-source (= 0.11.1)

GEM
  remote: https://rubygems.org/
  specs:
    arel (6.0.0.beta1)
    binding_of_caller (0.7.3.pre1)
      debug_inspector (>= 0.0.1)
    bitters (0.10.0)
      bourbon (>= 3.2)
      sass (>= 3.2)
      thor
    bourbon (4.0.2)
      sass (~> 3.3)
      thor
    builder (3.2.2)
    byebug (3.4.0)
      columnize (~> 0.8)
      debugger-linecache (~> 1.2)
      slop (~> 3.6)
    coffee-rails (4.0.1)
      coffee-script (>= 2.2.0)
      railties (>= 4.0.0, < 5.0)
    coffee-react (0.5.1)
      execjs
    coffee-script (2.3.0)
      coffee-script-source
      execjs
    coffee-script-source (1.8.0)
    columnize (0.8.9)
    connection_pool (2.0.0)
    daemons (1.1.9)
    debug_inspector (0.0.2)
    debugger-linecache (1.2.0)
    erubis (2.7.0)
    eventmachine (1.0.3)
    execjs (2.2.1)
    faker (1.4.3)
      i18n (~> 0.5)
    font-awesome-rails (4.2.0.0)
      railties (>= 3.2, < 5.0)
    globalid (0.2.3)
      activesupport (>= 4.1.0)
    haml (4.0.5)
      tilt
    haml-rails (0.5.3)
      actionpack (>= 4.0.1)
      activesupport (>= 4.0.1)
      haml (>= 3.1, < 5.0)
      railties (>= 4.0.1)
    hike (1.2.3)
    i18n (0.7.0.beta1)
    jbuilder (2.1.3)
      activesupport (>= 3.0.0, < 5)
      multi_json (~> 1.2)
    jquery-rails (3.1.2)
      railties (>= 3.0, < 5.0)
      thor (>= 0.14, < 2.0)
    json (1.8.1)
    loofah (2.0.1)
      nokogiri (>= 1.5.9)
    mail (2.6.1)
      mime-types (>= 1.16, < 3)
    mime-types (2.3)
    mini_portile (0.6.0)
    minitest (5.4.1)
    multi_json (1.10.1)
    neat (1.6.0)
      bourbon (>= 3.1)
      sass (>= 3.3)
    newrelic_rpm (3.9.3.241)
    nokogiri (1.6.3.1)
      mini_portile (= 0.6.0)
    pg (0.17.1)
    pg_search (0.7.7)
      activerecord (>= 3.1)
      activesupport (>= 3.1)
      arel
    rack (1.6.0.beta)
    rack-test (0.6.2)
      rack (>= 1.0)
    rails-deprecated_sanitizer (1.0.2)
      activesupport (>= 4.2.0.alpha)
    rails-dom-testing (1.0.2)
      activesupport
      nokogiri (~> 1.6.0)
      rails-deprecated_sanitizer (>= 1.0.1)
    rails-html-sanitizer (1.0.0)
      loofah (~> 2.0)
    rails_12factor (0.0.2)
      rails_serve_static_assets
      rails_stdout_logging
    rails_serve_static_assets (0.0.2)
    rails_stdout_logging (0.0.3)
    rake (10.3.2)
    rdoc (4.1.1)
      json (~> 1.4)
    react-source (0.11.1)
    sass (3.4.3)
    sdoc (0.4.1)
      json (~> 1.7, >= 1.7.7)
      rdoc (~> 4.0)
    slop (3.6.0)
    spring (1.1.3)
    sprockets (2.12.1)
      hike (~> 1.2)
      multi_json (~> 1.0)
      rack (~> 1.0)
      tilt (~> 1.1, != 1.3.0)
    sprockets-coffee-react (0.5.1)
      coffee-react (>= 0.5.1)
      coffee-script
      sprockets
      tilt
    sprockets-rails (3.0.0.beta1)
      actionpack (>= 4.0)
      activesupport (>= 4.0)
      sprockets (~> 2.8)
    thin (1.6.2)
      daemons (>= 1.0.9)
      eventmachine (>= 1.0.0)
      rack (>= 1.0.0)
    thor (0.19.1)
    thread_safe (0.3.4)
    tilt (1.4.1)
    turbolinks (2.3.0)
      coffee-rails
    tzinfo (1.2.2)
      thread_safe (~> 0.1)
    uglifier (2.5.3)
      execjs (>= 0.3.0)
      json (>= 1.8.0)

PLATFORMS
  ruby

DEPENDENCIES
  active_model_serializers!
  annotate!
  bitters
  bourbon
  byebug
  coffee-rails (~> 4.0.0)
  faker
  font-awesome-rails
  haml-rails
  jbuilder (~> 2.0)
  jquery-rails
  js-routes!
  momentjs-rails!
  neat
  newrelic_rpm
  nprogress-rails!
  pg
  pg_search
  rails!
  rails-html-sanitizer (~> 1.0)
  rails_12factor
  react-rails!
  sass-rails!
  sdoc (~> 0.4.0)
  spring
  sprockets-coffee-react
  thin
  turbolinks
  uglifier (>= 1.3.0)
  web-console!
